GEM
  remote: https://rubygems.org/
  specs:
    js (2.7.1)
    ruby_wasm (2.7.1-x64-mingw-ucrt)

PLATFORMS
  x64-mingw-ucrt

DEPENDENCIES
  js (~> 2.7)
  ruby_wasm (~> 2.7)

BUNDLED WITH
   2.5.6
